GEM
  remote: http://rubygems.org/
  specs:
    blankslate (2.1.2.4)
    chunky_png (1.2.8)
    colorize (0.5.8)
    compass (0.12.2)
      chunky_png (~> 1.2)
      fssm (>= 0.2.7)
      sass (~> 3.1)
    csscss (1.3.2)
      colorize
      parslet (~> 1.5)
    fssm (0.2.10)
    hashr (0.0.22)
    oily_png (1.1.0)
      chunky_png (~> 1.2.7)
    parslet (1.5.0)
      blankslate (~> 2.0)
    sass (3.2.10)
    travis-lint (1.7.0)
      hashr (~> 0.0.22)

PLATFORMS
  ruby

DEPENDENCIES
  compass
  csscss
  oily_png
  travis-lint
